PATH
  remote: .
  specs:
    mongoid-locking (1.2.0)
      mongoid (~> 7.2)

GEM
  remote: https://rubygems.org/
  specs:
    activemodel (7.0.8)
      activesupport (= 7.0.8)
    activesupport (7.0.8)
      concurrent-ruby (~> 1.0, >= 1.0.2)
      i18n (>= 1.6, < 2)
      minitest (>= 5.1)
      tzinfo (~> 2.0)
    ast (2.4.2)
    bson (4.15.0)
    byebug (11.1.3)
    concurrent-ruby (1.2.2)
    diff-lcs (1.5.0)
    i18n (1.14.1)
      concurrent-ruby (~> 1.0)
    json (2.6.2)
    minitest (5.20.0)
    mongo (2.19.3)
      bson (>= 4.14.1, < 5.0.0)
    mongoid (7.5.4)
      activemodel (>= 5.1, < 7.1, != 7.0.0)
      mongo (>= 2.10.5, < 3.0.0)
      ruby2_keywords (~> 0.0.5)
    parallel (1.22.1)
    parser (3.1.2.1)
      ast (~> 2.4.1)
    rainbow (3.1.1)
    rake (13.0.6)
    regexp_parser (2.5.0)
    rexml (3.2.5)
    rspec (3.11.0)
      rspec-core (~> 3.11.0)
      rspec-expectations (~> 3.11.0)
      rspec-mocks (~> 3.11.0)
    rspec-core (3.11.0)
      rspec-support (~> 3.11.0)
    rspec-expectations (3.11.0)
      diff-lcs (>= 1.2.0, < 2.0)
      rspec-support (~> 3.11.0)
    rspec-mocks (3.11.1)
      diff-lcs (>= 1.2.0, < 2.0)
      rspec-support (~> 3.11.0)
    rspec-support (3.11.0)
    rubocop (1.36.0)
      json (~> 2.3)
      parallel (~> 1.10)
      parser (>= 3.1.2.1)
      rainbow (>= 2.2.2, < 4.0)
      regexp_parser (>= 1.8, < 3.0)
      rexml (>= 3.2.5, < 4.0)
      rubocop-ast (>= 1.20.1, < 2.0)
      ruby-progressbar (~> 1.7)
      unicode-display_width (>= 1.4.0, < 3.0)
    rubocop-ast (1.21.0)
      parser (>= 3.1.1.0)
    rubocop-rspec (2.12.1)
      rubocop (~> 1.31)
    ruby-progressbar (1.11.0)
    ruby2_keywords (0.0.5)
    tzinfo (2.0.6)
      concurrent-ruby (~> 1.0)
    unicode-display_width (2.2.0)

PLATFORMS
  arm64-darwin-21
  arm64-darwin-22

DEPENDENCIES
  byebug
  mongoid (~> 7.2)
  mongoid-locking!
  rake (~> 13.0)
  rspec
  rubocop
  rubocop-rspec

BUNDLED WITH
   2.3.21
